PATH
  remote: .
  specs:
    omniauth-siwe (0.1.0)
      omniauth (~> 1.0)
      siwe (~> 0.1.4)

GEM
  remote: http://rubygems.org/
  specs:
    eth (0.5.0)
      keccak (~> 1.3)
      konstructor (~> 1.0)
      openssl (~> 3.0)
      rbsecp256k1 (~> 5.1)
      rlp (~> 0.7)
      scrypt (~> 3.0)
    ffi (1.15.5)
    ffi-compiler (1.0.1)
      ffi (>= 1.0.0)
      rake
    hashie (5.0.0)
    keccak (1.3.0)
    konstructor (1.0.2)
    mini_portile2 (2.7.1)
    omniauth (1.9.1)
      hashie (>= 3.4.6)
      rack (>= 1.6.2, < 3)
    openssl (3.0.0)
    pkg-config (1.4.7)
    rack (2.2.3)
    rake (13.0.6)
    rbsecp256k1 (5.1.0)
      mini_portile2 (~> 2.7)
      pkg-config (~> 1.4)
      rubyzip (~> 2.3)
    rlp (0.7.3)
    rubyzip (2.3.2)
    scrypt (3.0.7)
      ffi-compiler (>= 1.0, < 2.0)
    siwe (0.1.5)
      eth (~> 0.5.0)

PLATFORMS
  x86_64-linux

DEPENDENCIES
  bundler (~> 2)
  omniauth-siwe!

BUNDLED WITH
   2.2.32
